PATH
  remote: .
  specs:
    phoner (1.0)
      activesupport

GEM
  remote: https://rubygems.org/
  specs:
    activesupport (3.2.9)
      i18n (~> 0.6)
      multi_json (~> 1.0)
    columnize (0.3.6)
    debugger (1.2.2)
      columnize (>= 0.3.1)
      debugger-linecache (~> 1.1.1)
      debugger-ruby_core_source (~> 1.1.5)
    debugger-linecache (1.1.2)
      debugger-ruby_core_source (>= 1.1.1)
    debugger-ruby_core_source (1.1.5)
    i18n (0.6.1)
    multi_json (1.3.7)
    rake (10.0.2)

PLATFORMS
  ruby

DEPENDENCIES
  debugger
  phoner!
  rake
